PATH
  remote: engines/auth_by
  specs:
    auth_by (1.0.0)
      core_by
      jwt_sessions (~> 2.7)
      pg (~> 1.0)
      rails (= 6.1.4.1)
      slim-rails
      sorcery (~> 0.14)
    auth_by-dev (1.0.0)
      bootsnap (~> 1.4)
      brakeman (~> 5.0)
      bundler (>= 2.0)
      common-testing
      rake (~> 13.0)

PATH
  remote: engines/core_by
  specs:
    core_by (1.0.0)
      action_policy (~> 0.3)
      action_policy-graphql (~> 0.5)
      activejob-status (~> 0.1)
      activejob-uniqueness (~> 0.2)
      activerecord-postgres_enum (~> 1.0)
      after_commit_everywhere (~> 1.0)
      anycable (~> 1.1)
      anycable-rails (~> 1.1)
      database_validations (~> 1.0)
      discard (~> 1.2)
      downstream (~> 1.3)
      dry-initializer (~> 3.0)
      graphql (~> 1.12.4)
      graphql-anycable (~> 1.0)
      graphql-connections (~> 1.1)
      graphql-fragment_cache (~> 1.0, >= 1.0.4)
      graphql-persisted_queries (~> 1.2)
      hiredis (~> 0.6)
      imgproxy (~> 2.0)
      name_of_person (~> 1.1)
      nanoid (~> 2.0)
      paper_trail (~> 12.0)
      pg (~> 1.0)
      phonelib (~> 0.6)
      rails (= 6.1.4.1)
      rails-i18n (~> 6.0)
      redis-mutex (~> 4.0)
      schked (~> 0.3)
    core_by-dev (1.0.0)
      bootsnap (~> 1.4)
      brakeman (~> 5.0)
      bundler (>= 2.0)
      common-factory
      common-rubocop
      common-testing
      rake (~> 13.0)

PATH
  remote: engines
  specs:

PATH
  remote: gems
  specs:
    common-factory (1.0.0)
      factory_bot_rails (~> 6.2)
      faker (~> 2.7)
      rails (= 6.1.4.1)
    common-rubocop (1.0.0)
      fuubar (>= 2.5)
      rspec-instafail (>= 1.0)
      rspec_junit_formatter (>= 0.4)
      rubocop-performance (~> 1.10)
      rubocop-rails (~> 2.9)
      rubocop-rspec
      standard (= 1.3.0)
    common-testing (1.0.0)
      combustion (~> 1.3)
      common-factory
      debug (~> 1.1)
      fuubar (~> 2.5)
      isolator (~> 0.7)
      n_plus_one_control (~> 0.6)
      rails (= 6.1.4.1)
      rspec-instafail (~> 1.0)
      rspec-rails (~> 5.0)
      rspec_junit_formatter (~> 0.4)
      shoulda-matchers
      test-prof (~> 1.0)
      timecop (~> 0.9)

GEM
  remote: https://rubygems.org/
  specs:
    action_policy (0.6.0)
      ruby-next-core (>= 0.11.0)
    action_policy-graphql (0.5.3)
      action_policy (>= 0.5.0)
      graphql (>= 1.9.3)
      ruby-next-core (>= 0.10.0)
    actioncable (6.1.4.1)
      actionpack (= 6.1.4.1)
      activesupport (= 6.1.4.1)
      nio4r (~> 2.0)
      websocket-driver (>= 0.6.1)
    actionmailbox (6.1.4.1)
      actionpack (= 6.1.4.1)
      activejob (= 6.1.4.1)
      activerecord (= 6.1.4.1)
      activestorage (= 6.1.4.1)
      activesupport (= 6.1.4.1)
      mail (>= 2.7.1)
    actionmailer (6.1.4.1)
      actionpack (= 6.1.4.1)
      actionview (= 6.1.4.1)
      activejob (= 6.1.4.1)
      activesupport (= 6.1.4.1)
      mail (~> 2.5, >= 2.5.4)
      rails-dom-testing (~> 2.0)
    actionpack (6.1.4.1)
      actionview (= 6.1.4.1)
      activesupport (= 6.1.4.1)
      rack (~> 2.0, >= 2.0.9)
      rack-test (>= 0.6.3)
      rails-dom-testing (~> 2.0)
      rails-html-sanitizer (~> 1.0, >= 1.2.0)
    actiontext (6.1.4.1)
      actionpack (= 6.1.4.1)
      activerecord (= 6.1.4.1)
      activestorage (= 6.1.4.1)
      activesupport (= 6.1.4.1)
      nokogiri (>= 1.8.5)
    actionview (6.1.4.1)
      activesupport (= 6.1.4.1)
      builder (~> 3.1)
      erubi (~> 1.4)
      rails-dom-testing (~> 2.0)
      rails-html-sanitizer (~> 1.1, >= 1.2.0)
    active_attr (0.15.3)
      actionpack (>= 3.0.2, < 7.0)
      activemodel (>= 3.0.2, < 7.0)
      activesupport (>= 3.0.2, < 7.0)
    activejob (6.1.4.1)
      activesupport (= 6.1.4.1)
      globalid (>= 0.3.6)
    activejob-status (0.2.2)
      activejob (>= 4.2)
      activesupport (>= 4.2)
    activejob-uniqueness (0.2.2)
      activejob (>= 4.2, < 7)
      redlock (>= 1.2, < 2)
    activemodel (6.1.4.1)
      activesupport (= 6.1.4.1)
    activerecord (6.1.4.1)
      activemodel (= 6.1.4.1)
      activesupport (= 6.1.4.1)
    activerecord-postgres_enum (1.7.0)
      activerecord (>= 5)
      pg
    activestorage (6.1.4.1)
      actionpack (= 6.1.4.1)
      activejob (= 6.1.4.1)
      activerecord (= 6.1.4.1)
      activesupport (= 6.1.4.1)
      marcel (~> 1.0.0)
      mini_mime (>= 1.1.0)
    activesupport (6.1.4.1)
      concurrent-ruby (~> 1.0, >= 1.0.2)
      i18n (>= 1.6, < 2)
      minitest (>= 5.1)
      tzinfo (~> 2.0)
      zeitwerk (~> 2.3)
    addressable (2.8.0)
      public_suffix (>= 2.0.2, < 5.0)
    after_commit_everywhere (1.1.0)
      activerecord (>= 4.2)
      activesupport
    anycable (1.1.4)
      anycable-core (= 1.1.4)
      grpc (~> 1.37)
    anycable-core (1.1.4)
      anyway_config (>= 2.1.0)
      google-protobuf (>= 3.13)
    anycable-rails (1.1.4)
      actioncable (>= 5.1)
      anycable (~> 1.1)
      globalid
    anyway_config (2.2.2)
      ruby-next-core (>= 0.11.0)
    ast (2.4.2)
    bcrypt (3.1.16)
    bootsnap (1.9.1)
      msgpack (~> 1.0)
    brakeman (5.1.2)
    builder (3.2.4)
    bundler-audit (0.9.0.1)
      bundler (>= 1.2.0, < 3)
      thor (~> 1.0)
    combustion (1.3.3)
      activesupport (>= 3.0.0)
      railties (>= 3.0.0)
      thor (>= 0.14.6)
    concurrent-ruby (1.1.9)
    connection_pool (2.2.5)
    crass (1.0.6)
    database_consistency (1.1.6)
      activerecord (>= 3.2)
    database_validations (1.0.1)
      activerecord (>= 4.2.0)
    debug (1.3.4)
      irb (>= 1.3.6)
      reline (>= 0.2.7)
    declarative (0.0.20)
    diff-lcs (1.4.4)
    digest-crc (0.6.4)
      rake (>= 12.0.0, < 14.0.0)
    discard (1.2.0)
      activerecord (>= 4.2, < 7)
    downstream (1.3.0)
      after_commit_everywhere (~> 1.0)
      globalid (~> 0.5)
      rails (>= 6)
    dry-initializer (3.0.4)
    erubi (1.10.0)
    et-orbi (1.2.6)
      tzinfo
    factory_bot (6.2.0)
      activesupport (>= 5.0.0)
    factory_bot_rails (6.2.0)
      factory_bot (~> 6.2.0)
      railties (>= 5.0.0)
    faker (2.19.0)
      i18n (>= 1.6, < 2)
    faraday (1.8.0)
      faraday-em_http (~> 1.0)
      faraday-em_synchrony (~> 1.0)
      faraday-excon (~> 1.1)
      faraday-httpclient (~> 1.0.1)
      faraday-net_http (~> 1.0)
      faraday-net_http_persistent (~> 1.1)
      faraday-patron (~> 1.0)
      faraday-rack (~> 1.0)
      multipart-post (>= 1.2, < 3)
      ruby2_keywords (>= 0.0.4)
    faraday-em_http (1.0.0)
    faraday-em_synchrony (1.0.0)
    faraday-excon (1.1.0)
    faraday-httpclient (1.0.1)
    faraday-net_http (1.0.1)
    faraday-net_http_persistent (1.2.0)
    faraday-patron (1.0.0)
    faraday-rack (1.0.0)
    ffi (1.15.4)
    filesize (0.2.0)
    fugit (1.5.2)
      et-orbi (~> 1.1, >= 1.1.8)
      raabro (~> 1.4)
    fuubar (2.5.1)
      rspec-core (~> 3.0)
      ruby-progressbar (~> 1.4)
    globalid (0.5.2)
      activesupport (>= 5.0)
    google-apis-core (0.4.1)
      addressable (~> 2.5, >= 2.5.1)
      googleauth (>= 0.16.2, < 2.a)
      httpclient (>= 2.8.1, < 3.a)
      mini_mime (~> 1.0)
      representable (~> 3.0)
      retriable (>= 2.0, < 4.a)
      rexml
      webrick
    google-apis-iamcredentials_v1 (0.8.0)
      google-apis-core (>= 0.4, < 2.a)
    google-apis-storage_v1 (0.9.0)
      google-apis-core (>= 0.4, < 2.a)
    google-cloud-core (1.6.0)
      google-cloud-env (~> 1.0)
      google-cloud-errors (~> 1.0)
    google-cloud-env (1.5.0)
      faraday (>= 0.17.3, < 2.0)
    google-cloud-errors (1.2.0)
    google-cloud-storage (1.34.1)
      addressable (~> 2.5)
      digest-crc (~> 0.4)
      google-apis-iamcredentials_v1 (~> 0.1)
      google-apis-storage_v1 (~> 0.1)
      google-cloud-core (~> 1.6)
      googleauth (>= 0.16.2, < 2.a)
      mini_mime (~> 1.0)
    google-protobuf (3.19.1-x86_64-linux)
    googleapis-common-protos-types (1.3.0)
      google-protobuf (~> 3.14)
    googleauth (1.1.0)
      faraday (>= 0.17.3, < 2.0)
      jwt (>= 1.4, < 3.0)
      memoist (~> 0.16)
      multi_json (~> 1.11)
      os (>= 0.9, < 2.0)
      signet (>= 0.16, < 2.a)
    graphql (1.12.19)
    graphql-anycable (1.0.1)
      anycable (~> 1.0)
      anyway_config (>= 1.3, < 3)
      graphql (~> 1.11)
      redis (>= 4.2.0)
    graphql-connections (1.1.0)
      activerecord (>= 5)
      graphql (~> 1.10)
    graphql-fragment_cache (1.9.0)
      graphql (>= 1.10.8)
      ruby-next (>= 0.10.0)
    graphql-persisted_queries (1.3.0)
      graphql (>= 1.10)
    graphql-schema_comparator (1.0.1)
      bundler (>= 1.14)
      graphql (~> 1.10)
      thor (>= 0.19, < 2.0)
    grpc (1.41.1-x86_64-linux)
      google-protobuf (~> 3.17)
      googleapis-common-protos-types (~> 1.0)
    hiredis (0.6.3)
    httpclient (2.8.3)
    i18n (1.8.11)
      concurrent-ruby (~> 1.0)
    imgproxy (2.0.1)
      anyway_config (>= 2.0.0)
    io-console (0.5.9)
    irb (1.3.7)
      reline (>= 0.2.7)
    isolator (0.7.0)
      sniffer (>= 0.3.1)
    json (2.6.1)
    jwt (2.3.0)
    jwt_sessions (2.7.0)
      jwt (>= 2.2.3, < 3)
    listen (3.7.0)
      rb-fsevent (~> 0.10, >= 0.10.3)
      rb-inotify (~> 0.9, >= 0.9.10)
    lograge (0.11.2)
      actionpack (>= 4)
      activesupport (>= 4)
      railties (>= 4)
      request_store (~> 1.0)
    loofah (2.12.0)
      crass (~> 1.0.2)
      nokogiri (>= 1.5.9)
    mail (2.7.1)
      mini_mime (>= 0.1.1)
    marcel (1.0.2)
    memoist (0.16.2)
    method_source (1.0.0)
    mini_mime (1.1.2)
    minitest (5.14.4)
    msgpack (1.4.2)
    multi_json (1.15.0)
    multi_xml (0.6.0)
    multipart-post (2.1.1)
    n_plus_one_control (0.6.2)
    name_of_person (1.1.1)
      activesupport (>= 5.2.0)
    nanoid (2.0.0)
    newrelic_rpm (8.1.0)
    nio4r (2.5.8)
    nokogiri (1.12.5-x86_64-linux)
      racc (~> 1.4)
    oauth (0.5.8)
    oauth2 (1.4.7)
      faraday (>= 0.8, < 2.0)
      jwt (>= 1.0, < 3.0)
      multi_json (~> 1.3)
      multi_xml (~> 0.5)
      rack (>= 1.2, < 3)
    os (1.1.4)
    paper_trail (12.1.0)
      activerecord (>= 5.2)
      request_store (~> 1.1)
    parallel (1.21.0)
    parser (3.0.2.0)
      ast (~> 2.4.1)
    pg (1.2.3)
    phonelib (0.6.54)
    prometheus-client-mmap (0.15.0)
    public_suffix (4.0.6)
    puma (5.5.2)
      nio4r (~> 2.0)
    raabro (1.4.0)
    racc (1.6.0)
    rack (2.2.3)
    rack-attack (6.5.0)
      rack (>= 1.0, < 3)
    rack-test (1.1.0)
      rack (>= 1.0, < 3)
    rails (6.1.4.1)
      actioncable (= 6.1.4.1)
      actionmailbox (= 6.1.4.1)
      actionmailer (= 6.1.4.1)
      actionpack (= 6.1.4.1)
      actiontext (= 6.1.4.1)
      actionview (= 6.1.4.1)
      activejob (= 6.1.4.1)
      activemodel (= 6.1.4.1)
      activerecord (= 6.1.4.1)
      activestorage (= 6.1.4.1)
      activesupport (= 6.1.4.1)
      bundler (>= 1.15.0)
      railties (= 6.1.4.1)
      sprockets-rails (>= 2.0.0)
    rails-dom-testing (2.0.3)
      activesupport (>= 4.2.0)
      nokogiri (>= 1.6)
    rails-html-sanitizer (1.4.2)
      loofah (~> 2.3)
    rails-i18n (6.0.0)
      i18n (>= 0.7, < 2)
      railties (>= 6.0.0, < 7)
    rails-pg-extras (3.1.0)
      activerecord
      ruby-pg-extras (= 3.1.0)
    railties (6.1.4.1)
      actionpack (= 6.1.4.1)
      activesupport (= 6.1.4.1)
      method_source
      rake (>= 0.13)
      thor (~> 1.0)
    rainbow (3.0.0)
    rake (13.0.6)
    rb-fsevent (0.11.0)
    rb-inotify (0.10.1)
      ffi (~> 1.0)
    redis (4.5.1)
    redis-classy (2.4.1)
      redis-namespace (~> 1.0)
    redis-mutex (4.0.2)
      redis-classy (~> 2.0)
    redis-namespace (1.8.1)
      redis (>= 3.0.4)
    redlock (1.2.2)
      redis (>= 3.0.0, < 5.0)
    regexp_parser (2.1.1)
    reline (0.2.7)
      io-console (~> 0.5)
    representable (3.1.1)
      declarative (< 0.1.0)
      trailblazer-option (>= 0.1.1, < 0.2.0)
      uber (< 0.2.0)
    request_store (1.5.0)
      rack (>= 1.4)
    retriable (3.1.2)
    rexml (3.2.5)
    rspec (3.10.0)
      rspec-core (~> 3.10.0)
      rspec-expectations (~> 3.10.0)
      rspec-mocks (~> 3.10.0)
    rspec-core (3.10.1)
      rspec-support (~> 3.10.0)
    rspec-expectations (3.10.1)
      diff-lcs (>= 1.2.0, < 2.0)
      rspec-support (~> 3.10.0)
    rspec-instafail (1.0.0)
      rspec
    rspec-mocks (3.10.2)
      diff-lcs (>= 1.2.0, < 2.0)
      rspec-support (~> 3.10.0)
    rspec-rails (5.0.2)
      actionpack (>= 5.2)
      activesupport (>= 5.2)
      railties (>= 5.2)
      rspec-core (~> 3.10)
      rspec-expectations (~> 3.10)
      rspec-mocks (~> 3.10)
      rspec-support (~> 3.10)
    rspec-support (3.10.3)
    rspec_junit_formatter (0.4.1)
      rspec-core (>= 2, < 4, != 2.12.0)
    rubocop (1.20.0)
      parallel (~> 1.10)
      parser (>= 3.0.0.0)
      rainbow (>= 2.2.2, < 4.0)
      regexp_parser (>= 1.8, < 3.0)
      rexml
      rubocop-ast (>= 1.9.1, < 2.0)
      ruby-progressbar (~> 1.7)
      unicode-display_width (>= 1.4.0, < 3.0)
    rubocop-ast (1.13.0)
      parser (>= 3.0.1.1)
    rubocop-performance (1.11.5)
      rubocop (>= 1.7.0, < 2.0)
      rubocop-ast (>= 0.4.0)
    rubocop-rails (2.12.4)
      activesupport (>= 4.2.0)
      rack (>= 1.1)
      rubocop (>= 1.7.0, < 2.0)
    rubocop-rspec (2.6.0)
      rubocop (~> 1.19)
    ruby-next (0.13.1)
      ruby-next-core (= 0.13.1)
      ruby-next-parser (>= 3.0.0.3)
      unparser (~> 0.6.0)
    ruby-next-core (0.13.1)
    ruby-next-parser (3.0.1.0)
      parser (>= 2.7.2.0)
    ruby-pg-extras (3.1.0)
      filesize
      pg
      terminal-table
    ruby-progressbar (1.11.0)
    ruby2_keywords (0.0.5)
    rufus-scheduler (3.8.0)
      fugit (~> 1.1, >= 1.1.6)
    schked (0.3.3)
      rufus-scheduler (~> 3.0)
      thor
    sentry-raven (3.1.2)
      faraday (>= 1.0)
    shoulda-matchers (5.0.0)
      activesupport (>= 5.2.0)
    sidekiq (6.3.1)
      connection_pool (>= 2.2.2)
      rack (~> 2.0)
      redis (>= 4.2.0)
    signet (0.16.0)
      addressable (~> 2.8)
      faraday (>= 0.17.3, < 2.0)
      jwt (>= 1.5, < 3.0)
      multi_json (~> 1.10)
    slim (4.1.0)
      temple (>= 0.7.6, < 0.9)
      tilt (>= 2.0.6, < 2.1)
    slim-rails (3.3.0)
      actionpack (>= 3.1)
      railties (>= 3.1)
      slim (>= 3.0, < 5.0)
    sniffer (0.4.0)
      active_attr (>= 0.10.2)
      anyway_config (>= 1.0)
    sorcery (0.16.1)
      bcrypt (~> 3.1)
      oauth (~> 0.5, >= 0.5.5)
      oauth2 (~> 1.0, >= 0.8.0)
    sprockets (4.0.2)
      concurrent-ruby (~> 1.0)
      rack (> 1, < 3)
    sprockets-rails (3.3.0)
      actionpack (>= 5.2)
      activesupport (>= 5.2)
      sprockets (>= 3.0.0)
    standard (1.3.0)
      rubocop (= 1.20.0)
      rubocop-performance (= 1.11.5)
    strong_migrations (0.7.8)
      activerecord (>= 5)
    temple (0.8.2)
    terminal-table (3.0.2)
      unicode-display_width (>= 1.1.1, < 3)
    test-prof (1.0.7)
    thor (1.1.0)
    tilt (2.0.10)
    timecop (0.9.4)
    trailblazer-option (0.1.2)
    tzinfo (2.0.4)
      concurrent-ruby (~> 1.0)
    uber (0.1.0)
    unicode-display_width (2.1.0)
    unparser (0.6.2)
      diff-lcs (~> 1.3)
      parser (>= 3.0.0)
    webrick (1.7.0)
    websocket-driver (0.7.5)
      websocket-extensions (>= 0.1.0)
    websocket-extensions (0.1.5)
    yabeda (0.11.0)
      anyway_config (>= 1.0, < 3)
      concurrent-ruby
      dry-initializer
    yabeda-anycable (0.1.0)
      anycable-core (~> 1.1)
      yabeda (~> 0.10)
    yabeda-graphql (0.2.1)
      graphql (~> 1.9)
      yabeda (~> 0.2)
    yabeda-prometheus-mmap (0.3.0)
      prometheus-client-mmap
      yabeda (~> 0.10)
    yabeda-puma-plugin (0.6.0)
      json
      puma
      yabeda (~> 0.5)
    yabeda-rails (0.7.2)
      rails
      yabeda (~> 0.8)
    yabeda-schked (0.1.1)
      schked (~> 0.3)
      yabeda (~> 0.8)
    yabeda-sidekiq (0.8.1)
      anyway_config (>= 1.3, < 3)
      sidekiq
      yabeda (~> 0.6)
    zeitwerk (2.5.1)

PLATFORMS
  x86_64-linux

DEPENDENCIES
  anyway_config
  auth_by!
  auth_by-dev!
  bootsnap (>= 1.4.2)
  bundler-audit
  common-rubocop!
  common-testing!
  core_by!
  core_by-dev!
  database_consistency
  debug (~> 1.1)
  google-cloud-storage
  graphql-schema_comparator
  jwt
  listen
  lograge
  newrelic_rpm
  pg
  puma (~> 5.2, >= 5.2.2)
  rack-attack
  rails (= 6.1.4.1)
  rails-pg-extras
  redis
  rspec-rails
  rubocop (= 1.20.0)
  schked
  sentry-raven
  sidekiq
  slim-rails
  standard (= 1.3.0)
  strong_migrations
  yabeda
  yabeda-anycable
  yabeda-graphql
  yabeda-prometheus-mmap
  yabeda-puma-plugin (~> 0.4)
  yabeda-rails
  yabeda-schked
  yabeda-sidekiq

RUBY VERSION
   ruby 2.7.2p137

BUNDLED WITH
   2.2.31
